GIT
  remote: git://github.com/archiloque/rest-client.git
  revision: e4186c5980406504dc5b55bebe7759c7b7ffd1d9
  specs:
    rest-client (1.6.7)
      mime-types (>= 1.16)

GEM
  remote: http://rubygems.org/
  specs:
    diff-lcs (1.1.3)
    json (1.6.1)
    mime-types (1.17.2)
    rspec (2.7.0)
      rspec-core (~> 2.7.0)
      rspec-expectations (~> 2.7.0)
      rspec-mocks (~> 2.7.0)
    rspec-core (2.7.1)
    rspec-expectations (2.7.0)
      diff-lcs (~> 1.1.2)
    rspec-mocks (2.7.0)

PLATFORMS
  ruby

DEPENDENCIES
  json
  rest-client!
  rspec (>= 2.7.0)
